GEM
  remote: https://rubygems.org/
  specs:
    activemodel (8.0.1)
      activesupport (= 8.0.1)
    activerecord (8.0.1)
      activemodel (= 8.0.1)
      activesupport (= 8.0.1)
      timeout (>= 0.4.0)
    activesupport (8.0.1)
      base64
      benchmark (>= 0.3)
      bigdecimal
      concurrent-ruby (~> 1.0, >= 1.3.1)
      connection_pool (>= 2.2.5)
      drb
      i18n (>= 1.6, < 2)
      logger (>= 1.4.2)
      minitest (>= 5.1)
      securerandom (>= 0.3)
      tzinfo (~> 2.0, >= 2.0.5)
      uri (>= 0.13.1)
    base64 (0.2.0)
    bcrypt (3.1.20)
    benchmark (0.4.0)
    bigdecimal (3.1.9)
    chronic (0.10.2)
    coffee-script (2.4.1)
      coffee-script-source
      execjs
    coffee-script-source (1.12.2)
    concurrent-ruby (1.3.5)
    connection_pool (2.5.0)
    csv (3.3.2)
    date (3.4.1)
    dotenv (2.8.1)
    drb (2.2.1)
    execjs (2.10.0)
    ffi (1.17.1)
    ffi (1.17.1-aarch64-linux-gnu)
    ffi (1.17.1-aarch64-linux-musl)
    ffi (1.17.1-arm-linux-gnu)
    ffi (1.17.1-arm-linux-musl)
    ffi (1.17.1-arm64-darwin)
    ffi (1.17.1-x86-linux-gnu)
    ffi (1.17.1-x86-linux-musl)
    ffi (1.17.1-x86_64-darwin)
    ffi (1.17.1-x86_64-linux-gnu)
    ffi (1.17.1-x86_64-linux-musl)
    foreman (0.87.2)
    i18n (1.14.7)
      concurrent-ruby (~> 1.0)
    json (2.9.1)
    kramdown (2.5.1)
      rexml (>= 3.3.9)
    logger (1.6.5)
    mail (2.8.1)
      mini_mime (>= 0.1.1)
      net-imap
      net-pop
      net-smtp
    mini_mime (1.1.5)
    minitest (5.25.4)
    multi_json (1.15.0)
    mustermann (3.0.3)
      ruby2_keywords (~> 0.0.1)
    net-imap (0.5.5)
      date
      net-protocol
    net-pop (0.1.2)
      net-protocol
    net-protocol (0.2.2)
      timeout
    net-smtp (0.5.0)
      net-protocol
    nio4r (2.7.4)
    ostruct (0.6.1)
    paint (2.3.0)
    pdfkit (0.8.7.3)
    pg (1.5.9)
    pony (1.13.1)
      mail (>= 2.0)
    puma (6.6.0)
      nio4r (~> 2.0)
    rack (2.2.10)
    rack-flash3 (1.0.5)
      rack
    rack-protection (3.2.0)
      base64 (>= 0.1.0)
      rack (~> 2.2, >= 2.2.4)
    rack-test (2.2.0)
      rack (>= 1.3)
    rake (13.2.1)
    rb-fsevent (0.11.2)
    rb-inotify (0.11.1)
      ffi (~> 1.0)
    rexml (3.4.0)
    ruby2_keywords (0.0.5)
    ruby_http_client (3.5.5)
    sass (3.7.4)
      sass-listen (~> 4.0.0)
    sass-listen (4.0.0)
      rb-fsevent (~> 0.9, >= 0.9.4)
      rb-inotify (~> 0.9, >= 0.9.7)
    securerandom (0.4.1)
    sendgrid-ruby (6.7.0)
      ruby_http_client (~> 3.4)
    sequel (5.88.0)
      bigdecimal
    sinatra (3.2.0)
      mustermann (~> 3.0)
      rack (~> 2.2, >= 2.2.4)
      rack-protection (= 3.2.0)
      tilt (~> 2.0)
    sinatra-activerecord (2.0.28)
      activerecord (>= 4.1)
      sinatra (>= 1.0)
    sinatra-chassis (1.1.1)
      coffee-script (>= 2.2.0)
      paint (>= 0.8.6)
      rack-flash3 (>= 1.0.3)
      rack-test (>= 0.6.2)
      sass (>= 3.2.9)
      sinatra (>= 1.4.3)
    sinatra-contrib (3.2.0)
      multi_json (>= 0.0.2)
      mustermann (~> 3.0)
      rack-protection (= 3.2.0)
      sinatra (= 3.2.0)
      tilt (~> 2.0)
    sinatra-flash (0.3.0)
      sinatra (>= 1.0.0)
    sinatra-sequel (0.9.0)
      sequel (>= 3.2.0)
      sinatra (>= 0.9.4)
    stripe (5.55.0)
    thor (1.3.2)
    tilt (2.6.0)
    timeout (0.4.3)
    tzinfo (2.0.6)
      concurrent-ruby (~> 1.0)
    uglifier (2.4.0)
      execjs (>= 0.3.0)
      json (>= 1.8.0)
    uri (1.0.2)
    vcard (0.2.16)
    wkhtmltopdf-binary (0.12.6.8)

PLATFORMS
  aarch64-linux-gnu
  aarch64-linux-musl
  arm-linux-gnu
  arm-linux-musl
  arm64-darwin
  ruby
  x86-linux-gnu
  x86-linux-musl
  x86_64-darwin
  x86_64-linux
  x86_64-linux-gnu
  x86_64-linux-musl

DEPENDENCIES
  bcrypt (~> 3.1, >= 3.1.20)
  chronic (~> 0.10, >= 0.10.2)
  coffee-script (~> 2.4.1)
  csv (~> 3.3)
  dotenv (~> 2.8, >= 2.8.1)
  foreman (~> 0.87.2)
  json (~> 2.7, >= 2.7.1)
  kramdown (~> 2.4)
  ostruct (~> 0.6.1)
  pdfkit (~> 0.8.7.3)
  pg (~> 1.4, >= 1.4.6)
  pony (~> 1.13, >= 1.13.1)
  puma (~> 6.2, >= 6.2.1)
  rack (~> 2.2, >= 2.2.10)
  rake (~> 13.0, >= 13.0.6)
  sendgrid-ruby
  sequel (~> 5.86)
  sinatra (~> 3.2, >= 3.2.0)
  sinatra-activerecord (~> 2.0, >= 2.0.28)
  sinatra-chassis (>= 1.1.1)
  sinatra-contrib (~> 3.0, >= 3.0.5)
  sinatra-flash (~> 0.3.0)
  sinatra-sequel (~> 0.9.0)
  stripe (~> 5.8)
  thor (~> 1.2, >= 1.2.1)
  uglifier (~> 2.4.0)
  vcard (~> 0.2.8)
  wkhtmltopdf-binary (~> 0.12.6.2)

RUBY VERSION
   ruby 3.3.5p100

BUNDLED WITH
   2.5.23
